GEM
  specs:

GEM
  remote: https://rubygems.org/
  specs:
    base64 (0.1.0)
    fxruby (1.6.44-x64-mingw32)
      mini_portile2 (~> 2.1)
    gmail (0.7.1)
      gmail_xoauth (>= 0.3.0)
      mail (>= 2.2.1)
    gmail_xoauth (0.4.2)
      oauth (>= 0.3.6)
    mail (2.7.1)
      mini_mime (>= 0.1.1)
    mini_mime (1.1.1)
    mini_portile2 (2.7.0)
    oauth (0.5.6)
    openssl (2.2.0)
    sqlite3 (1.3.13-x64-mingw32)

PLATFORMS
  x64-mingw32

DEPENDENCIES
  base64!
  fxruby!
  gmail!
  openssl!
  sqlite3 (~> 1.3, < 1.4)!

BUNDLED WITH
   2.2.27
